PATH
  remote: .
  specs:
    clidex (0.1.0)

GEM
  remote: https://rubygems.org/
  specs:
    poke-api-v2 (0.1.1)
    rake (12.3.2)

PLATFORMS
  ruby

DEPENDENCIES
  clidex!
  poke-api-v2
  rake (~> 12.0)

BUNDLED WITH
   2.1.4
